GEM
  remote: http://rubygems.org/
  specs:
    crxmake (2.0.3)
      zipruby (>= 0.3.2)
    git (1.2.5)
    jeweler (1.5.2)
      bundler (~> 1.0.0)
      git (>= 1.2.5)
      rake
    rake (0.8.7)
    rcov (0.9.9)
    zipruby (0.3.6)

PLATFORMS
  ruby

DEPENDENCIES
  bundler (~> 1.0.0)
  crxmake (>= 2.0.3)
  jeweler (~> 1.5.2)
  rcov
